GEM
  remote: https://rubygems.org/
  specs:
    amq-protocol (1.9.2)
    bunny (1.7.0)
      amq-protocol (>= 1.9.2)
    cause (0.1)
    foreman (0.78.0)
      thor (~> 0.19.1)
    influxdb (0.2.1)
      cause
      json
    json (1.8.3)
    serverengine (1.5.10)
      sigdump (~> 0.2.2)
    sigdump (0.2.3)
    sneakers (1.0.4)
      bunny (~> 1.7.0)
      serverengine (~> 1.5.5)
      thor
      thread (~> 0.1.7)
    thor (0.19.1)
    thread (0.1.7)

PLATFORMS
  ruby

DEPENDENCIES
  foreman
  influxdb
  sneakers
